BrainVision Data Exchange Header File Version 2.0
; Data created from history path: stress20_L2/Raw Data/New Reference_AvgMastoids/Filters_HP_0.05/Filters_LP_30/Change Sampling Rate_500Hz_Sinc/Edit Markers_F0_Suffix_match_mismatch/Raw Data Inspection_remove_breaks/ICA/Inverse ICA/Segmentation_suffix_stressed_mismatch/Baseline Correction/Average_suffix_stressed_mismatch

[Common Infos]
Codepage=UTF-8
DataFile=stress20_L2_Average_suffix_stressed_mismatch.dat
DataFormat=ASCII
; Data orientation: VECTORIZED=ch1,pt1, ch1,pt2..., MULTIPLEXED=ch1,pt1, ch2,pt1 ...
DataOrientation=VECTORIZED
DataType=TIMEDOMAIN
NumberOfChannels=33
DataPoints=500
; Sampling interval in microseconds if time domain (convert to Hertz:
; 1000000 / SamplingInterval) or in Hertz if frequency domain:
SamplingInterval=2000
SegmentationType=MARKERBASED
SegmentDataPoints=500
Averaged=YES
AveragedSegments=11

[User Infos]
; Each entry: Prop<Number>=<Type>,<Name>,<Value>,<Value2>,...,<ValueN>
; Property number must be unique. Types can be int, single, string, bool, byte, double, uint
; or arrays of those, indicated int-array etc
; Array types have more than one value, number of values determines size of array.
; Fields are delimited by commas, commas in strings are written \1

[ASCII Infos]
; Decimal symbol for floating point numbers: the header file always uses a dot (.),
; however the data file might use a different one
DecimalSymbol=.
; SkipLines, SkipColumns: leading lines and columns with additional information.
SkipLines=0
SkipColumns=1

[Channel Infos]
; Each entry: Ch<Channel number>=<Name>,<Reference channel name>,
; <Resolution in "Unit">,<Unit>, Future extensions...
; Fields are delimited by commas, some fields might be omitted (empty).
; Commas in channel names are coded as "\1".
Ch1=Fp1,AvgMastoids,,µV
Ch2=F3,AvgMastoids,,µV
Ch3=F7,AvgMastoids,,µV
Ch4=FT9,AvgMastoids,,µV
Ch5=FC5,AvgMastoids,,µV
Ch6=FC1,AvgMastoids,,µV
Ch7=C3,AvgMastoids,,µV
Ch8=T7,AvgMastoids,,µV
Ch9=TP9,,,µV
Ch10=CP5,AvgMastoids,,µV
Ch11=CP1,AvgMastoids,,µV
Ch12=Pz,AvgMastoids,,µV
Ch13=P3,AvgMastoids,,µV
Ch14=P7,AvgMastoids,,µV
Ch15=O1,AvgMastoids,,µV
Ch16=Oz,AvgMastoids,,µV
Ch17=O2,AvgMastoids,,µV
Ch18=P4,AvgMastoids,,µV
Ch19=P8,AvgMastoids,,µV
Ch20=TP10,,,µV
Ch21=CP6,AvgMastoids,,µV
Ch22=CP2,AvgMastoids,,µV
Ch23=Cz,AvgMastoids,,µV
Ch24=C4,AvgMastoids,,µV
Ch25=T8,AvgMastoids,,µV
Ch26=FT10,AvgMastoids,,µV
Ch27=FC6,AvgMastoids,,µV
Ch28=FC2,AvgMastoids,,µV
Ch29=F4,AvgMastoids,,µV
Ch30=F8,AvgMastoids,,µV
Ch31=Fp2,AvgMastoids,,µV
Ch32=Audio,,,µV
Ch33=Fz,AvgMastoids,,µV

[Channel User Infos]
; Each entry: Prop<Number>=Ch<ChannelNumber>,<Type>,<Name>,<Value>,<Value2>,...,<ValueN>
; Property number must be unique. Types can be int, single, string, bool, byte, double, uint
; or arrays of those, indicated int-array etc
; Array types have more than one value, number of values determines size of array.
; Fields are delimited by commas, commas in strings are written \1
; Properties are assigned to channels using their channel number.
Prop1=Ch1,int,BrainVision.ChannelAveragedSegments,11
Prop2=Ch2,int,BrainVision.ChannelAveragedSegments,11
Prop3=Ch3,int,BrainVision.ChannelAveragedSegments,11
Prop4=Ch4,int,BrainVision.ChannelAveragedSegments,11
Prop5=Ch5,int,BrainVision.ChannelAveragedSegments,11
Prop6=Ch6,int,BrainVision.ChannelAveragedSegments,11
Prop7=Ch7,int,BrainVision.ChannelAveragedSegments,11
Prop8=Ch8,int,BrainVision.ChannelAveragedSegments,11
Prop9=Ch9,int,BrainVision.ChannelAveragedSegments,11
Prop10=Ch10,int,BrainVision.ChannelAveragedSegments,11
Prop11=Ch11,int,BrainVision.ChannelAveragedSegments,11
Prop12=Ch12,int,BrainVision.ChannelAveragedSegments,11
Prop13=Ch13,int,BrainVision.ChannelAveragedSegments,11
Prop14=Ch14,int,BrainVision.ChannelAveragedSegments,11
Prop15=Ch15,int,BrainVision.ChannelAveragedSegments,11
Prop16=Ch16,int,BrainVision.ChannelAveragedSegments,11
Prop17=Ch17,int,BrainVision.ChannelAveragedSegments,11
Prop18=Ch18,int,BrainVision.ChannelAveragedSegments,11
Prop19=Ch19,int,BrainVision.ChannelAveragedSegments,11
Prop20=Ch20,int,BrainVision.ChannelAveragedSegments,11
Prop21=Ch21,int,BrainVision.ChannelAveragedSegments,11
Prop22=Ch22,int,BrainVision.ChannelAveragedSegments,11
Prop23=Ch23,int,BrainVision.ChannelAveragedSegments,11
Prop24=Ch24,int,BrainVision.ChannelAveragedSegments,11
Prop25=Ch25,int,BrainVision.ChannelAveragedSegments,11
Prop26=Ch26,int,BrainVision.ChannelAveragedSegments,11
Prop27=Ch27,int,BrainVision.ChannelAveragedSegments,11
Prop28=Ch28,int,BrainVision.ChannelAveragedSegments,11
Prop29=Ch29,int,BrainVision.ChannelAveragedSegments,11
Prop30=Ch30,int,BrainVision.ChannelAveragedSegments,11
Prop31=Ch31,int,BrainVision.ChannelAveragedSegments,11
Prop32=Ch32,int,BrainVision.ChannelAveragedSegments,11
Prop33=Ch33,int,BrainVision.ChannelAveragedSegments,11

[Coordinates]
; Each entry: Ch<Channel number>=<Radius>,<Theta>,<Phi>
Ch1=1,-90,-72
Ch2=1,-60,-51
Ch3=1,-90,-36
Ch4=1,-113,-18
Ch5=1,-69,-22
Ch6=1,-31,-46
Ch7=1,-45,0
Ch8=1,-90,0
Ch9=1,-113,18
Ch10=1,-69,21
Ch11=1,-31,46
Ch12=1,45,-90
Ch13=1,-60,51
Ch14=1,-90,36
Ch15=1,-90,72
Ch16=1,90,-90
Ch17=1,90,-72
Ch18=1,60,-51
Ch19=1,90,-36
Ch20=1,113,-18
Ch21=1,69,-21
Ch22=1,31,-46
Ch23=1,0,0
Ch24=1,45,0
Ch25=1,90,0
Ch26=1,113,18
Ch27=1,69,21
Ch28=1,31,46
Ch29=1,60,51
Ch30=1,90,36
Ch31=1,90,72
Ch32=0,0,0
Ch33=1,45,90
